GEM
  remote: http://rubygems.org/
  specs:
    activesupport (3.1.3)
      multi_json (~> 1.0)
    i18n (0.5.0)
    multi_json (1.0.4)
    nokogiri (1.5.0)

PLATFORMS
  ruby

DEPENDENCIES
  activesupport
  i18n
  nokogiri
